GEM
  remote: https://rubygems.org/
  specs:
    coderay (1.0.8)
    coffee-script (2.2.0)
      coffee-script-source
      execjs
    coffee-script-source (1.4.0)
    crxmake (2.0.7)
      zip (~> 2.0.2)
    execjs (1.4.0)
      multi_json (~> 1.0)
    guard (1.6.1)
      listen (>= 0.6.0)
      lumberjack (>= 1.0.2)
      pry (>= 0.9.10)
      thor (>= 0.14.6)
    guard-tay (0.1.0)
      guard (~> 1.6)
      tay (~> 0.1.0)
    haml (3.1.7)
    hike (1.2.1)
    listen (0.7.2)
    lumberjack (1.0.2)
    method_source (0.8.1)
    multi_json (1.5.0)
    pry (0.9.10)
      coderay (~> 1.0.5)
      method_source (~> 0.8)
      slop (~> 3.3.1)
    rack (1.4.3)
    rb-fsevent (0.9.3)
    slop (3.3.3)
    sprockets (2.4.5)
      hike (~> 1.2)
      multi_json (~> 1.0)
      rack (~> 1.0)
      tilt (~> 1.1, != 1.3.0)
    sprockets-commonjs (0.0.5)
      sprockets (~> 2.1)
    tay (0.1.0)
      bundler (~> 1.2.3)
      crxmake (~> 2.0.7)
      sprockets (~> 2.4.3)
      thor (~> 0.15.2)
      tilt (~> 1.3.3)
    thor (0.15.4)
    tilt (1.3.3)
    zip (2.0.2)

PLATFORMS
  ruby

DEPENDENCIES
  bundler (~> 1.2.3)
  coffee-script (~> 2.2.0)
  guard-tay
  haml (~> 3.0)
  rb-fsevent (~> 0.9.1)
  sprockets-commonjs (~> 0.0.5)
  tay (~> 0.1)
